GEM
  remote: https://rubygems.org/
  specs:
    ffi (1.13.1)

PLATFORMS
  ruby

DEPENDENCIES
  ffi

BUNDLED WITH
   2.1.4
