GEM
  remote: https://rubygems.org/
  specs:
    byebug (11.1.3)
    ffi (1.13.1)

PLATFORMS
  ruby

DEPENDENCIES
  byebug
  ffi

BUNDLED WITH
   2.1.4
